GEM
  remote: http://rubygems.org/
  specs:
    ZenTest (4.7.0)
    autotest-fsevent (0.2.8)
      sys-uname
    autotest-growl (0.2.16)
    diff-lcs (1.1.3)
    ffi (1.0.11)
    rspec (2.9.0)
      rspec-core (~> 2.9.0)
      rspec-expectations (~> 2.9.0)
      rspec-mocks (~> 2.9.0)
    rspec-core (2.9.0)
    rspec-expectations (2.9.1)
      diff-lcs (~> 1.1.3)
    rspec-mocks (2.9.0)
    sys-uname (0.9.0)
      ffi (>= 1.0.0)

PLATFORMS
  ruby

DEPENDENCIES
  ZenTest
  autotest-fsevent
  autotest-growl
  rspec
