GEM
  remote: http://rubygems.org/
  specs:
    ZenTest (4.7.0)
    ansi (1.4.3)
    autotest-fsevent (0.2.8)
      sys-uname
    builder (3.1.4)
    ffi (1.0.11)
    growl (1.0.3)
    hashie (1.2.0)
    minitest (4.1.0)
    minitest-growl (0.0.3)
      growl
      minitest
    minitest-reporters (0.12.0)
      ansi
      builder
      minitest (>= 2.12, < 5.0)
      powerbar
    powerbar (1.0.11)
      ansi (~> 1.4.0)
      hashie (>= 1.1.0)
    sys-uname (0.9.0)
      ffi (>= 1.0.0)

PLATFORMS
  ruby

DEPENDENCIES
  ZenTest
  autotest-fsevent
  minitest
  minitest-growl
  minitest-reporters
